GEM
  remote: https://rubygems.org/
  specs:
    backports (3.4.0)
    cairo (1.12.8)
      pkg-config
    gdk_pixbuf2 (2.1.0)
      glib2 (= 2.1.0)
    glib2 (2.1.0)
      pkg-config
    haml (4.0.4)
      tilt
    multi_json (1.8.4)
    pkg-config (1.1.5)
    poppler (2.1.0)
      cairo (>= 1.12.8)
      gdk_pixbuf2 (= 2.1.0)
    rack (1.5.2)
    rack-protection (1.5.1)
      rack
    rack-test (0.6.2)
      rack (>= 1.0)
    rake (10.1.0)
    rr (1.1.2)
    sinatra (1.4.4)
      rack (~> 1.4)
      rack-protection (~> 1.4)
      tilt (~> 1.3, >= 1.3.4)
    sinatra-contrib (1.4.2)
      backports (>= 2.0)
      multi_json
      rack-protection
      rack-test
      sinatra (~> 1.4.0)
      tilt (~> 1.3)
    test-unit (2.5.5)
    test-unit-notify (1.0.1)
      test-unit (>= 2.4.9)
    test-unit-rr (1.0.3)
      rr (>= 1.1.1)
      test-unit (>= 2.5.2)
    tilt (1.4.1)

PLATFORMS
  ruby

DEPENDENCIES
  haml
  poppler
  rack-test
  rake
  sinatra
  sinatra-contrib
  test-unit
  test-unit-notify
  test-unit-rr
